GEM
  remote: https://rubygems.org/
  specs:
    activesupport (7.0.0)
      concurrent-ruby (~> 1.0, >= 1.0.2)
      i18n (>= 1.6, < 2)
      minitest (>= 5.1)
      tzinfo (~> 2.0)
    ast (2.4.2)
    concurrent-ruby (1.1.9)
    coveralls (0.8.23)
      json (>= 1.8, < 3)
      simplecov (~> 0.16.1)
      term-ansicolor (~> 1.3)
      thor (>= 0.19.4, < 2.0)
      tins (~> 1.6)
    diff-lcs (1.4.4)
    docile (1.3.5)
    foreman (0.87.2)
    i18n (1.8.11)
      concurrent-ruby (~> 1.0)
    json (2.5.1)
    minitest (5.15.0)
    multi_json (1.15.0)
    mustermann (1.1.1)
      ruby2_keywords (~> 0.0.1)
    nio4r (2.5.8)
    onkcop (1.0.0.0)
      rubocop (>= 0.80.0)
      rubocop-rspec (>= 1.34.0)
    parallel (1.21.0)
    parser (3.0.2.0)
      ast (~> 2.4.1)
    puma (5.5.2)
      nio4r (~> 2.0)
    rack (2.2.3)
    rack-protection (2.1.0)
      rack
    rack-test (1.1.0)
      rack (>= 1.0, < 3)
    rainbow (3.0.0)
    rake (13.0.6)
    regexp_parser (2.1.1)
    rexml (3.2.5)
    rollbar (3.3.0)
    rspec (3.10.0)
      rspec-core (~> 3.10.0)
      rspec-expectations (~> 3.10.0)
      rspec-mocks (~> 3.10.0)
    rspec-core (3.10.1)
      rspec-support (~> 3.10.0)
    rspec-expectations (3.10.1)
      diff-lcs (>= 1.2.0, < 2.0)
      rspec-support (~> 3.10.0)
    rspec-mocks (3.10.2)
      diff-lcs (>= 1.2.0, < 2.0)
      rspec-support (~> 3.10.0)
    rspec-support (3.10.2)
    rubocop (1.23.0)
      parallel (~> 1.10)
      parser (>= 3.0.0.0)
      rainbow (>= 2.2.2, < 4.0)
      regexp_parser (>= 1.8, < 3.0)
      rexml
      rubocop-ast (>= 1.12.0, < 2.0)
      ruby-progressbar (~> 1.7)
      unicode-display_width (>= 1.4.0, < 3.0)
    rubocop-ast (1.13.0)
      parser (>= 3.0.1.1)
    rubocop-performance (1.12.0)
      rubocop (>= 1.7.0, < 2.0)
      rubocop-ast (>= 0.4.0)
    rubocop-rake (0.6.0)
      rubocop (~> 1.0)
    rubocop-rspec (2.3.0)
      rubocop (~> 1.0)
      rubocop-ast (>= 1.1.0)
    rubocop_auto_corrector (0.4.3)
      rubocop (>= 1.13.0)
    ruby-progressbar (1.11.0)
    ruby2_keywords (0.0.4)
    simplecov (0.16.1)
      docile (~> 1.1)
      json (>= 1.8, < 3)
      simplecov-html (~> 0.10.0)
    simplecov-html (0.10.2)
    sinatra (2.1.0)
      mustermann (~> 1.0)
      rack (~> 2.2)
      rack-protection (= 2.1.0)
      tilt (~> 2.0)
    sinatra-contrib (2.1.0)
      multi_json
      mustermann (~> 1.0)
      rack-protection (= 2.1.0)
      sinatra (= 2.1.0)
      tilt (~> 2.0)
    slack-notifier (2.4.0)
    sync (0.5.0)
    term-ansicolor (1.7.1)
      tins (~> 1.0)
    thor (1.1.0)
    tilt (2.0.10)
    tins (1.28.0)
      sync
    tzinfo (2.0.4)
      concurrent-ruby (~> 1.0)
    unicode-display_width (2.1.0)

PLATFORMS
  ruby

DEPENDENCIES
  activesupport
  coveralls
  foreman
  onkcop (>= 1.0.0.0)
  puma
  rack-test
  rake
  rollbar
  rspec
  rubocop-performance
  rubocop-rake
  rubocop_auto_corrector
  simplecov
  sinatra (>= 2.1.0)
  sinatra-contrib (>= 2.1.0)
  slack-notifier (>= 2.4.0)

RUBY VERSION
   ruby 3.0.3p157

BUNDLED WITH
   2.2.32
